GEM
  remote: http://rubygems.org/
  specs:
    ansi (1.4.3)
    builder (3.0.0)
    git (1.2.5)
    jeweler (1.8.4)
      bundler (~> 1.0)
      git (>= 1.2.5)
      rake
      rdoc
    json (1.7.4)
    rake (0.9.2.2)
    rdoc (3.12)
      json (~> 1.4)
    turn (0.9.6)
      ansi

PLATFORMS
  ruby

DEPENDENCIES
  builder
  bundler
  jeweler (~> 1.8.4)
  rdoc (~> 3.12)
  turn
